GEM
  remote: https://rubygems.org/
  specs:
    backports (3.6.0)
    mini_portile (0.5.2)
    multi_json (1.9.0)
    nokogiri (1.6.1)
      mini_portile (~> 0.5.0)
    rack (1.5.2)
    rack-protection (1.5.2)
      rack
    rack-test (0.6.2)
      rack (>= 1.0)
    sanitize (2.1.0)
      nokogiri (>= 1.4.4)
    sequel (4.8.0)
    sinatra (1.4.4)
      rack (~> 1.4)
      rack-protection (~> 1.4)
      tilt (~> 1.3, >= 1.3.4)
    sinatra-contrib (1.4.2)
      backports (>= 2.0)
      multi_json
      rack-protection
      rack-test
      sinatra (~> 1.4.0)
      tilt (~> 1.3)
    sinatra-sequel (0.9.0)
      sequel (>= 3.2.0)
      sinatra (>= 0.9.4)
    tilt (1.4.1)

PLATFORMS
  ruby

DEPENDENCIES
  sanitize
  sequel
  sinatra
  sinatra-contrib
  sinatra-sequel
